GEM
  remote: https://rubygems.org/
  specs:
    date (3.3.4)
    discordrb (3.5.0)
      discordrb-webhooks (~> 3.5.0)
      ffi (>= 1.9.24)
      opus-ruby
      rest-client (>= 2.0.0)
      websocket-client-simple (>= 0.3.0)
    discordrb-webhooks (3.5.0)
      rest-client (>= 2.0.0)
    domain_name (0.6.20240107)
    dotenv (3.1.2)
    event_emitter (0.2.6)
    ffi (1.17.0-x64-mingw-ucrt)
    http-accept (1.7.0)
    http-cookie (1.0.6)
      domain_name (~> 0.5)
    json (2.7.1)
    mime-types (3.5.2)
      mime-types-data (~> 3.2015)
    mime-types-data (3.2024.0702)
    netrc (0.11.0)
    nokogiri (1.16.7-x64-mingw-ucrt)
      racc (~> 1.4)
    open-uri (0.4.1)
      stringio
      time
      uri
    opus-ruby (1.0.1)
      ffi
    racc (1.8.0)
    rest-client (2.1.0)
      http-accept (>= 1.7.0, < 2.0)
      http-cookie (>= 1.0.2, < 2.0)
      mime-types (>= 1.16, < 4.0)
      netrc (~> 0.8)
    stringio (3.1.1)
    time (0.3.0)
      date
    uri (0.13.0)
    websocket (1.2.11)
    websocket-client-simple (0.8.0)
      event_emitter
      websocket

PLATFORMS
  x64-mingw-ucrt

DEPENDENCIES
  discordrb (~> 3.5)
  dotenv
  json
  nokogiri
  open-uri

BUNDLED WITH
   2.5.16
